GEM
  specs:
    thrift (0.9.0)

PLATFORMS
  ruby

DEPENDENCIES
  thrift
